PATH
  remote: .
  specs:
    tracking_number (0.5.0)

GEM
  remote: http://rubygems.org/
  specs:
    multi_json (1.8.0)
    shoulda (2.11.3)
    simplecov (0.7.1)
      multi_json (~> 1.0)
      simplecov-html (~> 0.7.1)
    simplecov-html (0.7.1)

PLATFORMS
  ruby

DEPENDENCIES
  shoulda
  simplecov
  tracking_number!
