PATH
  remote: .
  specs:
    tracking_number (0.4.0)

GEM
  remote: http://rubygems.org/
  specs:
    rcov (0.9.9)
    shoulda (2.11.3)

PLATFORMS
  ruby

DEPENDENCIES
  rcov
  shoulda
  tracking_number!
